PATH
  remote: .
  specs:
    lanyon (0.3.0)
      liquid (~> 2.6)
      rack-coffee (~> 1.0)
      rack-parser (~> 0.6)
      rugged (~> 0.19)
      sass (~> 3.3)
      sinatra (~> 1.4)
      sinatra-contrib (~> 1.4)
      therubyracer (~> 0.12)

GEM
  remote: https://rubygems.org/
  specs:
    backports (3.6.0)
    coffee-script (2.2.0)
      coffee-script-source
      execjs
    coffee-script-source (1.7.0)
    diff-lcs (1.2.5)
    docile (1.1.5)
    execjs (2.2.1)
    fakefs (0.5.2)
    libv8 (3.16.14.3)
    liquid (2.6.1)
    multi_json (1.10.1)
    rack (1.5.2)
    rack-coffee (1.0.3)
      coffee-script
      rack
    rack-parser (0.6.0)
      rack
    rack-protection (1.5.3)
      rack
    rack-test (0.6.2)
      rack (>= 1.0)
    rake (10.3.2)
    ref (1.0.5)
    rspec (2.99.0)
      rspec-core (~> 2.99.0)
      rspec-expectations (~> 2.99.0)
      rspec-mocks (~> 2.99.0)
    rspec-core (2.99.1)
    rspec-expectations (2.99.1)
      diff-lcs (>= 1.1.3, < 2.0)
    rspec-mocks (2.99.1)
    rugged (0.21.0)
    sass (3.3.9)
    simplecov (0.8.2)
      docile (~> 1.1.0)
      multi_json
      simplecov-html (~> 0.8.0)
    simplecov-html (0.8.0)
    sinatra (1.4.5)
      rack (~> 1.4)
      rack-protection (~> 1.4)
      tilt (~> 1.3, >= 1.3.4)
    sinatra-contrib (1.4.2)
      backports (>= 2.0)
      multi_json
      rack-protection
      rack-test
      sinatra (~> 1.4.0)
      tilt (~> 1.3)
    therubyracer (0.12.1)
      libv8 (~> 3.16.14.0)
      ref
    tilt (1.4.1)

PLATFORMS
  ruby

DEPENDENCIES
  bundler (~> 1.5)
  fakefs (~> 0.5)
  lanyon!
  rake (~> 10.2)
  rspec (~> 2.14)
  simplecov (~> 0.8)
